GEM
  remote: http://rubygems.org/
  specs:
    nokogiri (1.4.3.1)
    rack (1.2.1)
    rack-test (0.5.4)
      rack (>= 1.0)
    webrat (0.7.1)
      nokogiri (>= 1.2.0)
      rack (>= 1.0)
      rack-test (>= 0.5.3)

PLATFORMS
  ruby

DEPENDENCIES
  webrat
